GEM
  remote: https://rubygems.org/
  specs:
    thread_safe (0.3.6)
    tzinfo (1.2.5)
      thread_safe (~> 0.1)
    tzinfo-data (1.2018.5)
      tzinfo (>= 1.0.0)

PLATFORMS
  ruby

DEPENDENCIES
  tzinfo
  tzinfo-data

BUNDLED WITH
   1.17.3
